GEM
  remote: https://rubygems.org/
  specs:
    byebug (10.0.2)
    google-protobuf (3.6.1)
    googleapis-common-protos-types (1.0.2)
      google-protobuf (~> 3.0)
    grpc (1.15.0)
      google-protobuf (~> 3.1)
      googleapis-common-protos-types (~> 1.0.0)
    grpc-tools (1.15.0)

PLATFORMS
  ruby

DEPENDENCIES
  byebug
  grpc
  grpc-tools

BUNDLED WITH
   1.16.6
